PATH
  remote: .
  specs:
    icoveralls (0.0.1)
      multi_json (~> 1.7.6)
      rest-client (~> 1.6.7)
      thor (~> 0.18.1)

GEM
  remote: https://rubygems.org/
  specs:
    mime-types (1.25)
    multi_json (1.7.9)
    rake (10.0.4)
    rest-client (1.6.7)
      mime-types (>= 1.16)
    test-unit (2.5.5)
    thor (0.18.1)

PLATFORMS
  ruby

DEPENDENCIES
  bundler (~> 1.3)
  icoveralls!
  rake
  test-unit
