PATH
  remote: .
  specs:
    icoveralls (0.0.1)
      multi_json (~> 1.7.6)
      rest-client (~> 1.6.7)
      thor (~> 0.18.1)
      xcodeproj (~> 0.11.1)

GEM
  remote: https://rubygems.org/
  specs:
    activesupport (3.2.14)
      i18n (~> 0.6, >= 0.6.4)
      multi_json (~> 1.0)
    colored (1.2)
    i18n (0.6.5)
    mime-types (1.25)
    multi_json (1.7.9)
    rake (10.0.4)
    rest-client (1.6.7)
      mime-types (>= 1.16)
    test-unit (2.5.5)
    thor (0.18.1)
    xcodeproj (0.11.1)
      activesupport (~> 3.0)
      colored (~> 1.2)

PLATFORMS
  ruby

DEPENDENCIES
  bundler (~> 1.3)
  icoveralls!
  rake
  test-unit
