PATH
  remote: .
  specs:
    icoveralls (0.0.1)

GEM
  remote: https://rubygems.org/
  specs:
    activesupport (3.2.13)
      i18n (= 0.6.1)
      multi_json (~> 1.0)
    colored (1.2)
    i18n (0.6.1)
    multi_json (1.7.6)
    rake (10.0.4)
    test-unit (2.5.5)
    xcodeproj (0.6.0)
      activesupport (~> 3.2.13)
      colored (~> 1.2)

PLATFORMS
  ruby

DEPENDENCIES
  bundler (~> 1.3)
  icoveralls!
  rake
  test-unit
  xcodeproj
